GEM
  remote: http://rubygems.org/
  specs:
    diff-lcs (1.1.3)
    hoe (2.16.1)
      rake (~> 0.8)
    rake (0.9.2.2)
    rspec (2.8.0)
      rspec-core (~> 2.8.0)
      rspec-expectations (~> 2.8.0)
      rspec-mocks (~> 2.8.0)
    rspec-core (2.8.0)
    rspec-expectations (2.8.0)
      diff-lcs (~> 1.1.2)
    rspec-mocks (2.8.0)
    test-unit (2.4.4)

PLATFORMS
  ruby

DEPENDENCIES
  hoe
  rake
  rspec
  test-unit
